GEM
  remote: https://rubygems.org/
  specs:
    ansi (1.4.3)
    daemons (1.1.9)
    eventmachine (1.0.3)
    json (1.8.1)
    kgio (2.9.2)
    minitap (0.5.3)
      minitest (~> 5.0)
      minitest-reporter-api (>= 0.0.2)
      tapout (>= 0.3.0)
    minitest (5.3.0)
    minitest-reporter-api (0.0.5)
      minitest (~> 5.0)
    moped (1.5.2)
    multi_json (1.8.4)
    rack (1.5.2)
    rack-protection (1.5.2)
      rack
    rack-test (0.6.2)
      rack (>= 1.0)
    raindrops (0.13.0)
    shotgun (0.9)
      rack (>= 1.0)
    sinatra (1.4.4)
      rack (~> 1.4)
      rack-protection (~> 1.4)
      tilt (~> 1.3, >= 1.3.4)
    slim (2.0.2)
      temple (~> 0.6.6)
      tilt (>= 1.3.3, < 2.1)
    tapout (0.4.5)
      ansi
      json
    temple (0.6.7)
    thin (1.6.1)
      daemons (>= 1.0.9)
      eventmachine (>= 1.0.0)
      rack (>= 1.0.0)
    tilt (1.4.1)
    unicorn (4.8.2)
      kgio (~> 2.6)
      rack
      raindrops (~> 0.7)

PLATFORMS
  ruby

DEPENDENCIES
  minitap (~> 0.5.3)
  moped (~> 1.5.2)
  multi_json (~> 1.8.4)
  rack-test
  shotgun (~> 0.9)
  sinatra (~> 1.4.4)
  slim (~> 2.0.2)
  tapout (~> 0.4.5)
  thin (~> 1.6.1)
  unicorn
